GEM
  remote: https://rubygems.org/
  specs:
    json (1.8.1)
    rubysdl (2.2.0)
    sqlite3 (1.3.9)

PLATFORMS
  ruby

DEPENDENCIES
  json
  rubysdl
  sqlite3
